GEM
  remote: https://rubygems.org/
  specs:
    addressable (2.8.6)
      public_suffix (>= 2.0.2, < 6.0)
    ast (2.4.2)
    aws-eventstream (1.3.0)
    aws-partitions (1.940.0)
    aws-sdk-codecommit (1.67.0)
      aws-sdk-core (~> 3, >= 3.197.0)
      aws-sigv4 (~> 1.1)
    aws-sdk-core (3.197.0)
      aws-eventstream (~> 1, >= 1.3.0)
      aws-partitions (~> 1, >= 1.651.0)
      aws-sigv4 (~> 1.8)
      jmespath (~> 1, >= 1.6.1)
    aws-sdk-ecr (1.73.0)
      aws-sdk-core (~> 3, >= 3.197.0)
      aws-sigv4 (~> 1.1)
    aws-sigv4 (1.8.0)
      aws-eventstream (~> 1, >= 1.0.2)
    base64 (0.2.0)
    bigdecimal (3.1.8)
    citrus (3.0.2)
    commonmarker (0.23.10)
    csv (3.3.0)
    dependabot-bundler (0.260.0)
      dependabot-common (= 0.260.0)
      parallel (~> 1.24)
    dependabot-cargo (0.260.0)
      dependabot-common (= 0.260.0)
    dependabot-common (0.260.0)
      aws-sdk-codecommit (~> 1.28)
      aws-sdk-ecr (~> 1.5)
      bundler (>= 1.16, < 3.0.0)
      commonmarker (>= 0.20.1, < 0.24.0)
      docker_registry2 (~> 1.18.0)
      excon (~> 0.109)
      faraday (= 2.7.11)
      faraday-retry (= 2.2.0)
      gitlab (= 4.19.0)
      json (< 2.7)
      nokogiri (~> 1.8)
      octokit (>= 4.6, < 7.0)
      opentelemetry-sdk (~> 1.3)
      parser (>= 2.5, < 4.0)
      psych (~> 5.0)
      sorbet-runtime (~> 0.5.11178)
      stackprof (~> 0.2.16)
      toml-rb (>= 1.1.2, < 4.0)
    dependabot-composer (0.260.0)
      dependabot-common (= 0.260.0)
    dependabot-devcontainers (0.260.0)
      dependabot-common (= 0.260.0)
    dependabot-docker (0.260.0)
      dependabot-common (= 0.260.0)
    dependabot-elm (0.260.0)
      dependabot-common (= 0.260.0)
    dependabot-git_submodules (0.260.0)
      dependabot-common (= 0.260.0)
      parseconfig (~> 1.0, < 1.1.0)
    dependabot-github_actions (0.260.0)
      dependabot-common (= 0.260.0)
    dependabot-go_modules (0.260.0)
      dependabot-common (= 0.260.0)
    dependabot-gradle (0.260.0)
      dependabot-common (= 0.260.0)
      dependabot-maven (= 0.260.0)
    dependabot-hex (0.260.0)
      dependabot-common (= 0.260.0)
    dependabot-maven (0.260.0)
      dependabot-common (= 0.260.0)
    dependabot-npm_and_yarn (0.260.0)
      dependabot-common (= 0.260.0)
    dependabot-nuget (0.260.0)
      dependabot-common (= 0.260.0)
      rubyzip (>= 2.3.2, < 3.0)
    dependabot-omnibus (0.260.0)
      dependabot-bundler (= 0.260.0)
      dependabot-cargo (= 0.260.0)
      dependabot-common (= 0.260.0)
      dependabot-composer (= 0.260.0)
      dependabot-devcontainers (= 0.260.0)
      dependabot-docker (= 0.260.0)
      dependabot-elm (= 0.260.0)
      dependabot-git_submodules (= 0.260.0)
      dependabot-github_actions (= 0.260.0)
      dependabot-go_modules (= 0.260.0)
      dependabot-gradle (= 0.260.0)
      dependabot-hex (= 0.260.0)
      dependabot-maven (= 0.260.0)
      dependabot-npm_and_yarn (= 0.260.0)
      dependabot-nuget (= 0.260.0)
      dependabot-pub (= 0.260.0)
      dependabot-python (= 0.260.0)
      dependabot-swift (= 0.260.0)
      dependabot-terraform (= 0.260.0)
    dependabot-pub (0.260.0)
      dependabot-common (= 0.260.0)
    dependabot-python (0.260.0)
      dependabot-common (= 0.260.0)
    dependabot-swift (0.260.0)
      dependabot-common (= 0.260.0)
    dependabot-terraform (0.260.0)
      dependabot-common (= 0.260.0)
    docker_registry2 (1.18.1)
      rest-client (>= 1.8.0)
    domain_name (0.6.20240107)
    excon (0.110.0)
    faraday (2.7.11)
      base64
      faraday-net_http (>= 2.0, < 3.1)
      ruby2_keywords (>= 0.0.4)
    faraday-net_http (3.0.2)
    faraday-retry (2.2.0)
      faraday (~> 2.0)
    gitlab (4.19.0)
      httparty (~> 0.20)
      terminal-table (>= 1.5.1)
    http-accept (1.7.0)
    http-cookie (1.0.6)
      domain_name (~> 0.5)
    httparty (0.22.0)
      csv
      mini_mime (>= 1.0.0)
      multi_xml (>= 0.5.2)
    io-console (0.5.11)
    irb (1.4.1)
      reline (>= 0.3.0)
    jmespath (1.6.2)
    json (2.6.3)
    mime-types (3.5.2)
      mime-types-data (~> 3.2015)
    mime-types-data (3.2024.0604)
    mini_mime (1.1.5)
    mini_portile2 (2.8.7)
    multi_xml (0.7.1)
      bigdecimal (~> 3.1)
    netrc (0.11.0)
    nokogiri (1.16.5)
      mini_portile2 (~> 2.8.2)
      racc (~> 1.4)
    octokit (6.1.1)
      faraday (>= 1, < 3)
      sawyer (~> 0.9)
    opentelemetry-api (1.2.5)
    opentelemetry-common (0.21.0)
      opentelemetry-api (~> 1.0)
    opentelemetry-registry (0.3.1)
      opentelemetry-api (~> 1.1)
    opentelemetry-sdk (1.4.1)
      opentelemetry-api (~> 1.1)
      opentelemetry-common (~> 0.20)
      opentelemetry-registry (~> 0.2)
      opentelemetry-semantic_conventions
    opentelemetry-semantic_conventions (1.10.0)
      opentelemetry-api (~> 1.0)
    parallel (1.24.0)
    parseconfig (1.0.8)
    parser (3.3.2.0)
      ast (~> 2.4.1)
      racc
    psych (5.1.2)
      stringio
    public_suffix (5.0.5)
    racc (1.8.0)
    reline (0.3.1)
      io-console (~> 0.5)
    rest-client (2.1.0)
      http-accept (>= 1.7.0, < 2.0)
      http-cookie (>= 1.0.2, < 2.0)
      mime-types (>= 1.16, < 4.0)
      netrc (~> 0.8)
    ruby2_keywords (0.0.5)
    rubyzip (2.3.2)
    sawyer (0.9.2)
      addressable (>= 2.3.5)
      faraday (>= 0.17.3, < 3)
    sorbet-runtime (0.5.11415)
    stackprof (0.2.26)
    stringio (3.1.0)
    terminal-table (3.0.2)
      unicode-display_width (>= 1.1.1, < 3)
    toml-rb (3.0.1)
      citrus (~> 3.0, > 3.0)
      racc (~> 1.7)
    unicode-display_width (2.5.0)

PLATFORMS
  ruby

DEPENDENCIES
  dependabot-omnibus (~> 0.260.0)
  irb

BUNDLED WITH
   1.17.3
